GIT
  remote: git://github.com/spree/endpoint_base.git
  revision: 9aa893ed9462397fa4d35cc1d008f93a79113aeb
  specs:
    endpoint_base (0.3)
      activesupport
      jbuilder
      json

GEM
  remote: https://rubygems.org/
  specs:
    activesupport (4.1.1)
      i18n (~> 0.6, >= 0.6.9)
      json (~> 1.7, >= 1.7.7)
      minitest (~> 5.1)
      thread_safe (~> 0.1)
      tzinfo (~> 1.1)
    addressable (2.3.2)
    awesome_print (1.2.0)
    coderay (1.1.0)
    crack (0.3.2)
    diff-lcs (1.1.3)
    dotenv (0.9.0)
    foreman (0.61.0)
      thor (>= 0.13.6)
    guard (1.6.1)
      listen (>= 0.6.0)
      lumberjack (>= 1.0.2)
      pry (>= 0.9.10)
      thor (>= 0.14.6)
    guard-rspec (0.7.3)
      guard (>= 0.10.0)
    honeybadger (1.16.6)
      json
    httparty (0.10.2)
      multi_json (~> 1.0)
      multi_xml (>= 0.5.2)
    i18n (0.6.9)
    jbuilder (2.0.7)
      activesupport (>= 3.0.0, < 5)
      multi_json (~> 1.2)
    json (1.8.1)
    kgio (2.8.0)
    listen (0.7.2)
    lumberjack (1.0.2)
    method_source (0.8.2)
    minitest (5.3.3)
    multi_json (1.10.0)
    multi_xml (0.5.3)
    nokogiri (1.5.9)
    pry (0.9.12.6)
      coderay (~> 1.0)
      method_source (~> 0.8)
      slop (~> 3.4)
    rack (1.5.2)
    rack-protection (1.5.0)
      rack
    rack-test (0.6.2)
      rack (>= 1.0)
    raindrops (0.10.0)
    rb-fsevent (0.9.2)
    rspec (2.12.0)
      rspec-core (~> 2.12.0)
      rspec-expectations (~> 2.12.0)
      rspec-mocks (~> 2.12.0)
    rspec-core (2.12.2)
    rspec-expectations (2.12.1)
      diff-lcs (~> 1.1.3)
    rspec-mocks (2.12.2)
    sinatra (1.3.4)
      rack (~> 1.4)
      rack-protection (~> 1.3)
      tilt (~> 1.3, >= 1.3.3)
    slop (3.5.0)
    terminal-notifier-guard (1.5.3)
    thor (0.17.0)
    thread_safe (0.3.3)
    tilt (1.4.1)
    tilt-jbuilder (0.5.3)
      jbuilder
      tilt (<= 1.4.1)
    tzinfo (1.1.0)
      thread_safe (~> 0.1)
    unicorn (4.6.0)
      kgio (~> 2.6)
      rack
      raindrops (~> 0.7)
    vcr (2.2.2)
    webmock (1.8.11)
      addressable (>= 2.2.7)
      crack (>= 0.1.7)

PLATFORMS
  ruby

DEPENDENCIES
  awesome_print
  dotenv
  endpoint_base!
  foreman
  guard-rspec
  honeybadger
  httparty
  json
  nokogiri
  pry
  rack-test
  rb-fsevent (~> 0.9.1)
  rspec
  sinatra
  terminal-notifier-guard
  tilt (~> 1.4.1)
  tilt-jbuilder
  unicorn
  vcr
  webmock
